GIT
  remote: https://github.com/rkh/tool.git
  revision: 9a84fc6a60ecdf51cf17e90ae1331b4550d5d677
  specs:
    tool (0.2.3)

GEM
  remote: https://rubygems.org/
  specs:
    activesupport (5.0.0.1)
      concurrent-ruby (~> 1.0, >= 1.0.2)
      i18n (~> 0.7)
      minitest (~> 5.1)
      tzinfo (~> 1.1)
    addressable (2.3.8)
    backports (3.8.0)
    coderay (1.1.0)
    commonmarker (0.16.0)
      ruby-enum (~> 0.5)
    concurrent-ruby (1.0.2)
    domain_name (0.5.24)
      unf (>= 0.0.5, < 1.0.0)
    faraday (0.9.1)
      multipart-post (>= 1.2, < 3)
    foreman (0.78.0)
      thor (~> 0.19.1)
    github-markup (1.6.0)
    haml (4.0.7)
      tilt
    html-pipeline (2.4.2)
      activesupport (>= 2)
      nokogiri (>= 1.4)
    http-cookie (1.0.2)
      domain_name (~> 0.5)
    i18n (0.7.0)
    method_source (0.8.2)
    mime-types (2.6.2)
    mini_portile2 (2.3.0)
    minitest (5.10.1)
    multi_json (1.12.1)
    multipart-post (2.0.0)
    netrc (0.10.3)
    newrelic_rpm (3.13.1.300)
    nokogiri (1.8.2)
      mini_portile2 (~> 2.3.0)
    octokit (4.1.1)
      sawyer (~> 0.6.0, >= 0.5.3)
    pg (0.18.3)
    pry (0.10.2)
      coderay (~> 1.1.0)
      method_source (~> 0.8.1)
      slop (~> 3.4)
    puma (2.14.0)
    rack (1.6.9)
    rack-flash3 (1.0.5)
      rack
    rack-protection (1.5.5)
      rack
    rack-ssl (1.4.1)
      rack
    rack-test (0.6.3)
      rack (>= 1.0)
    racksh (1.0.0)
      rack (>= 1.0)
      rack-test (>= 0.5)
    rake (10.4.2)
    rest-client (1.8.0)
      http-cookie (>= 1.0.2, < 2.0)
      mime-types (>= 1.16, < 3.0)
      netrc (~> 0.7)
    ruby-enum (0.7.1)
      i18n
    sawyer (0.6.0)
      addressable (~> 2.3.5)
      faraday (~> 0.8, < 0.10)
    sentry-raven (2.4.0)
      faraday (>= 0.7.6, < 1.0)
    sequel (4.26.0)
    sequel_pg (1.6.13)
      pg (>= 0.8.0)
      sequel (>= 3.39.0)
    sinatra (1.4.8)
      rack (~> 1.5)
      rack-protection (~> 1.4)
      tilt (>= 1.3, < 3)
    sinatra-contrib (1.4.7)
      backports (>= 2.0)
      multi_json
      rack-protection
      rack-test
      sinatra (~> 1.4.0)
      tilt (>= 1.3, < 3)
    slop (3.6.0)
    thor (0.19.1)
    thread_safe (0.3.5)
    tilt (2.0.7)
    tzinfo (1.2.2)
      thread_safe (~> 0.1)
    unf (0.1.4)
      unf_ext
    unf_ext (0.0.7.1)

PLATFORMS
  ruby

DEPENDENCIES
  addressable
  commonmarker
  foreman
  github-markup
  haml
  html-pipeline
  minitest
  newrelic_rpm
  octokit
  pg
  pry
  puma
  rack-flash3
  rack-ssl
  racksh
  rake
  rest-client
  sentry-raven
  sequel
  sequel_pg
  sinatra
  sinatra-contrib
  tool!

RUBY VERSION
   ruby 2.5.0p0

BUNDLED WITH
   1.16.1
