GEM
  remote: https://rubygems.org/
  specs:
    addressable (2.8.7)
      public_suffix (>= 2.0.2, < 7.0)
    ast (2.4.2)
    base64 (0.2.0)
    bigdecimal (3.1.8)
    climate_control (1.2.0)
    commonmarker (0.23.10)
    concurrent-ruby (1.3.4)
    crack (1.0.0)
      bigdecimal
      rexml
    domain_name (0.5.20190701)
      unf (>= 0.0.5, < 1.0.0)
    dyno_metadata (0.0.4)
    faraday (2.12.0)
      faraday-net_http (>= 2.0, < 3.4)
      json
      logger
    faraday-net_http (3.3.0)
      net-http
    faraday-retry (2.2.1)
      faraday (~> 2.0)
    github-markup (5.0.1)
    haml (6.3.0)
      temple (>= 0.8.2)
      thor
      tilt
    hashdiff (1.1.1)
    html-pipeline (3.0.3)
      selma (~> 0.1)
      zeitwerk (~> 2.5)
    http-accept (1.7.0)
    http-cookie (1.0.3)
      domain_name (~> 0.5)
    json (2.9.1)
    language_server-protocol (3.17.0.3)
    localhost (1.3.1)
    logger (1.6.1)
    m (1.6.2)
      method_source (>= 0.6.7)
      rake (>= 0.9.2.2)
    method_source (1.0.0)
    mime-types (3.3.1)
      mime-types-data (~> 3.2015)
    mime-types-data (3.2020.1104)
    minitest (5.25.4)
    multi_json (1.15.0)
    mustermann (3.0.3)
      ruby2_keywords (~> 0.0.1)
    net-http (0.4.1)
      uri
    netrc (0.11.0)
    nio4r (2.7.4)
    octokit (9.2.0)
      faraday (>= 1, < 3)
      sawyer (~> 0.9)
    parallel (1.26.3)
    parser (3.3.6.0)
      ast (~> 2.4.1)
      racc
    pg (1.5.9)
    public_suffix (6.0.1)
    puma (6.5.0)
      nio4r (~> 2.0)
    racc (1.8.1)
    rack (3.1.8)
    rack-flash3 (1.0.5)
      rack
    rack-protection (4.1.1)
      base64 (>= 0.1.0)
      logger (>= 1.6.0)
      rack (>= 3.0.0, < 4)
    rack-session (2.0.0)
      rack (>= 3.0.0)
    rack-test (2.2.0)
      rack (>= 1.3)
    racksh (1.0.1)
      rack (>= 1.0)
      rack-test (>= 0.5)
    rainbow (3.1.1)
    rake (13.2.1)
    rb_sys (0.9.105)
    regexp_parser (2.9.3)
    rest-client (2.1.0)
      http-accept (>= 1.7.0, < 2.0)
      http-cookie (>= 1.0.2, < 2.0)
      mime-types (>= 1.16, < 4.0)
      netrc (~> 0.8)
    rexml (3.3.9)
    rubocop (1.69.2)
      json (~> 2.3)
      language_server-protocol (>= 3.17.0)
      parallel (~> 1.10)
      parser (>= 3.3.0.2)
      rainbow (>= 2.2.2, < 4.0)
      regexp_parser (>= 2.9.3, < 3.0)
      rubocop-ast (>= 1.36.2, < 2.0)
      ruby-progressbar (~> 1.7)
      unicode-display_width (>= 2.4.0, < 4.0)
    rubocop-ast (1.37.0)
      parser (>= 3.3.1.0)
    ruby-progressbar (1.13.0)
    ruby2_keywords (0.0.5)
    sawyer (0.9.2)
      addressable (>= 2.3.5)
      faraday (>= 0.17.3, < 3)
    selma (0.4.11)
      rb_sys (~> 0.9)
    selma (0.4.11-aarch64-linux)
    selma (0.4.11-arm64-darwin)
    selma (0.4.11-x86_64-darwin)
    selma (0.4.11-x86_64-linux)
    sentry-ruby (5.22.1)
      bigdecimal
      concurrent-ruby (~> 1.0, >= 1.0.2)
    sequel (5.87.0)
      bigdecimal
    sequel_pg (1.17.1)
      pg (>= 0.18.0, != 1.2.0)
      sequel (>= 4.38.0)
    sinatra (4.1.1)
      logger (>= 1.6.0)
      mustermann (~> 3.0)
      rack (>= 3.0.0, < 4)
      rack-protection (= 4.1.1)
      rack-session (>= 2.0.0, < 3)
      tilt (~> 2.0)
    sinatra-contrib (4.1.1)
      multi_json (>= 0.0.2)
      mustermann (~> 3.0)
      rack-protection (= 4.1.1)
      sinatra (= 4.1.1)
      tilt (~> 2.0)
    spinels-rack-ssl-enforcer (1.0.0)
      rack (>= 3.0.0)
    temple (0.10.3)
    thor (1.3.0)
    tilt (2.4.0)
    unf (0.1.4)
      unf_ext
    unf_ext (0.0.7.7)
    unicode-display_width (3.1.2)
      unicode-emoji (~> 4.0, >= 4.0.4)
    unicode-emoji (4.0.4)
    uri (0.13.1)
    wait_for_it (0.2.1)
    warning (1.5.0)
    webmock (3.24.0)
      addressable (>= 2.8.0)
      crack (>= 0.3.2)
      hashdiff (>= 0.4.0, < 2.0.0)
    zeitwerk (2.6.13)

PLATFORMS
  aarch64-linux
  arm64-darwin
  ruby
  x86_64-darwin
  x86_64-linux

DEPENDENCIES
  addressable
  climate_control
  commonmarker
  dyno_metadata
  faraday-retry
  github-markup
  haml
  html-pipeline
  localhost
  m
  minitest
  octokit
  pg
  puma
  rack-flash3
  rack-test
  racksh
  rake
  rest-client
  rubocop (~> 1.69.2)
  sentry-ruby
  sequel
  sequel_pg
  sinatra
  sinatra-contrib
  spinels-rack-ssl-enforcer
  wait_for_it
  warning
  webmock

CHECKSUMS
  addressable (2.8.7) sha256=462986537cf3735ab5f3c0f557f14155d778f4b43ea4f485a9deb9c8f7c58232
  ast (2.4.2) sha256=1e280232e6a33754cde542bc5ef85520b74db2aac73ec14acef453784447cc12
  base64 (0.2.0) sha256=0f25e9b21a02a0cc0cea8ef92b2041035d39350946e8789c562b2d1a3da01507
  bigdecimal (3.1.8) sha256=a89467ed5a44f8ae01824af49cbc575871fa078332e8f77ea425725c1ffe27be
  climate_control (1.2.0) sha256=36b21896193fa8c8536fa1cd843a07cf8ddbd03aaba43665e26c53ec1bd70aa5
  commonmarker (0.23.10) sha256=fdd312ae2bb4071b2f3085d4d7533cb9f8d9057a2eaa0760228a65bc3ed565d1
  concurrent-ruby (1.3.4) sha256=d4aa926339b0a86b5b5054a0a8c580163e6f5dcbdfd0f4bb916b1a2570731c32
  crack (1.0.0) sha256=c83aefdb428cdc7b66c7f287e488c796f055c0839e6e545fec2c7047743c4a49
  domain_name (0.5.20190701) sha256=000a600454cb4a344769b2f10b531765ea7bd3a304fe47ed12e5ca1eab969851
  dyno_metadata (0.0.4) sha256=8b19c8fe3b72a48bc61777b64f3a27de2f47c64464f68923e628c91254f9e23d
  faraday (2.12.0) sha256=d106d0b1bc2548a8c0c34619a657a5e4aeae2780f951b0e095c8f803bbbf4517
  faraday-net_http (3.3.0) sha256=93e6b0f679b1e8e358bcb4e983a52328dfc47ebbe6a232e4f9e8aba9c924e565
  faraday-retry (2.2.1) sha256=4146fed14549c0580bf14591fca419a40717de0dd24f267a8ec2d9a728677608
  github-markup (5.0.1) sha256=b6e9f8538cb8566935321433190615cbc747550e1705a7af5ba24048d0ddc472
  haml (6.3.0) sha256=8e6eb87d869639e348852009e74a2a1663d79663ed7e7dbcb38beb1f12bcdd97
  hashdiff (1.1.1) sha256=c7966316726e0ceefe9f5c6aef107ebc3ccfef8b6db55fe3934f046b2cf0936a
  html-pipeline (3.0.3) sha256=c38ce0a024e15f17e928705978b6f16f973ba6637b16b9133eb9f9587d5131bc
  http-accept (1.7.0) sha256=c626860682bfbb3b46462f8c39cd470fd7b0584f61b3cc9df5b2e9eb9972a126
  http-cookie (1.0.3) sha256=2f11269d817bc52ab2af2721e89a377660a961078de2a3a55fc696d7897e8c00
  json (2.9.1) sha256=d2bdef4644052fad91c1785d48263756fe32fcac08b96a20bb15840e96550d11
  language_server-protocol (3.17.0.3) sha256=3d5c58c02f44a20d972957a9febe386d7e7468ab3900ce6bd2b563dd910c6b3f
  localhost (1.3.1) sha256=fcd3a8d89cd8b28e04feb4cb45111e1b4a7138efc879acdf656f4affd35f4198
  logger (1.6.1) sha256=3ad9587ed3940bf7897ea64a673971415523f4f7d6b22c5e3af5219705669653
  m (1.6.2) sha256=2fb85aff050b6b699e6dbca47b45d426e2136ccdfabb64437e9630230d29108e
  method_source (1.0.0) sha256=d779455a2b5666a079ce58577bfad8534f571af7cec8107f4dce328f0981dede
  mime-types (3.3.1) sha256=708f737e28ceef48b9a1bc041aa9eec46fa36eb36acb95e6b64a9889131541fe
  mime-types-data (3.2020.1104) sha256=4fb1eeb8e3fbe88059c751adc6a96322b8f2c89403db8928bb9bda64b9f3f246
  minitest (5.25.4) sha256=9cf2cae25ac4dfc90c988ebc3b917f53c054978b673273da1bd20bcb0778f947
  multi_json (1.15.0) sha256=1fd04138b6e4a90017e8d1b804c039031399866ff3fbabb7822aea367c78615d
  mustermann (3.0.3) sha256=d1f8e9ba2ddaed47150ddf81f6a7ea046826b64c672fbc92d83bce6b70657e88
  net-http (0.4.1) sha256=a96efc5ea18bcb9715e24dda4159d10f67ff0345c8a980d04630028055b2c282
  netrc (0.11.0) sha256=de1ce33da8c99ab1d97871726cba75151113f117146becbe45aa85cb3dabee3f
  nio4r (2.7.4) sha256=d95dee68e0bb251b8ff90ac3423a511e3b784124e5db7ff5f4813a220ae73ca9
  octokit (9.2.0) sha256=4fa47ff35ce654127edf2c836ab9269bcc8829f5542dc1e86871f697ce7f4316
  parallel (1.26.3) sha256=d86babb7a2b814be9f4b81587bf0b6ce2da7d45969fab24d8ae4bf2bb4d4c7ef
  parser (3.3.6.0) sha256=25d4e67cc4f0f7cab9a2ae1f38e2005b6904d2ea13c34734511d0faad038bc3b
  pg (1.5.9) sha256=761efbdf73b66516f0c26fcbe6515dc7500c3f0aa1a1b853feae245433c64fdc
  public_suffix (6.0.1) sha256=61d44e1cab5cbbbe5b31068481cf16976dd0dc1b6b07bd95617ef8c5e3e00c6f
  puma (6.5.0) sha256=94d1b75cab7f356d52e4f1b17b9040a090889b341dbeee6ee3703f441dc189f2
  racc (1.8.1) sha256=4a7f6929691dbec8b5209a0b373bc2614882b55fc5d2e447a21aaa691303d62f
  rack (3.1.8) sha256=d3fbcbca43dc2b43c9c6d7dfbac01667ae58643c42cea10013d0da970218a1b1
  rack-flash3 (1.0.5) sha256=1f57e26429d7987fdb3c65a2f0da95717bed99ad3e5e45d847da689b9d4a3566
  rack-protection (4.1.1) sha256=51a254a5d574a7f0ca4f0672025ce2a5ef7c8c3bd09c431349d683e825d7d16a
  rack-session (2.0.0) sha256=db04b2063e180369192a9046b4559af311990af38c6a93d4c600cee4eb6d4e81
  rack-test (2.2.0) sha256=005a36692c306ac0b4a9350355ee080fd09ddef1148a5f8b2ac636c720f5c463
  racksh (1.0.1) sha256=3863f7f1f98fbece642fb983556ce5469159107a4d2e9c885dad0f92fdaa0214
  rainbow (3.1.1) sha256=039491aa3a89f42efa1d6dec2fc4e62ede96eb6acd95e52f1ad581182b79bc6a
  rake (13.2.1) sha256=46cb38dae65d7d74b6020a4ac9d48afed8eb8149c040eccf0523bec91907059d
  rb_sys (0.9.105) sha256=f9393ae00e43b0af7dc8945d887f2a8d43f59f94e0413d2bcebee67251650de4
  regexp_parser (2.9.3) sha256=4b620657ed8349d82e1331a076415c79b9dd714a5546162ddd790ea9988f6379
  rest-client (2.1.0) sha256=35a6400bdb14fae28596618e312776c158f7ebbb0ccad752ff4fa142bf2747e3
  rexml (3.3.9) sha256=d71875b85299f341edf47d44df0212e7658cbdf35aeb69cefdb63f57af3137c9
  rubocop (1.69.2) sha256=762fb0f30a379bf6054588d39f1815a2a1df8f067bc0337d3fe500e346924bb8
  rubocop-ast (1.37.0) sha256=9513ac88aaf113d04b52912533ffe46475de1362d4aa41141b51b2455827c080
  ruby-progressbar (1.13.0) sha256=80fc9c47a9b640d6834e0dc7b3c94c9df37f08cb072b7761e4a71e22cff29b33
  ruby2_keywords (0.0.5) sha256=ffd13740c573b7301cf7a2e61fc857b2a8e3d3aff32545d6f8300d8bae10e3ef
  sawyer (0.9.2) sha256=fa3a72d62a4525517b18857ddb78926aab3424de0129be6772a8e2ba240e7aca
  selma (0.4.11) sha256=3fe245a8fb6de6f60bf76efc89c8a7b7fb52ea23569ec71cdf5a2a9b7c228ea6
  selma (0.4.11-aarch64-linux) sha256=5f56bb62028ebc6a1436d8235a121f7a626638ed961ae5eea1dafd22faab3999
  selma (0.4.11-arm64-darwin) sha256=2abb7ddb303db57e3d5ba95bf9fe1fcb35fce38b3fb53c67da7c2aee51def213
  selma (0.4.11-x86_64-darwin) sha256=d8bd2fafbab417b870626dd3c1135a087b55f6013d44534d8367e6c59519b8d5
  selma (0.4.11-x86_64-linux) sha256=e6eb4087c304b915b2f9dbda590677e1cf5dd1194f1b0caddd06a4830ae1e8b8
  sentry-ruby (5.22.1) sha256=ed77bdd76da7a4c6a3de43dc6d19d3c0412b2675b014a2654bc5bafd4d5b3289
  sequel (5.87.0) sha256=0b086dca3dcb28bedcc557358224ef9dc878077e26e527e5280d9f23a2703b3f
  sequel_pg (1.17.1) sha256=af750c059c83340d343a2634956178a88dca3592dcfc773b85defa43ec0e4506
  sinatra (4.1.1) sha256=4e997b859aa1b5d2e624f85d5b0fd0f0b3abc0da44daa6cbdf10f7c0da9f4d00
  sinatra-contrib (4.1.1) sha256=1ea4b58980a5e599245479753f5eab734ad806ff1f1027032a71be8a1c8f3fbe
  spinels-rack-ssl-enforcer (1.0.0) sha256=1d6b155a847a97622155f7d459d3145f9a50aedcd6b2b5cd87c469566e36244c
  temple (0.10.3) sha256=df3145fe6577af1e25387eb7f7122d32ed51bdb6f2e7bb0f4fbf07b66151913b
  thor (1.3.0) sha256=1adc7f9e5b3655a68c71393fee8bd0ad088d14ee8e83a0b73726f23cbb3ca7c3
  tilt (2.4.0) sha256=df74f29a451daed26591a85e8e0cebb198892cb75b6573394303acda273fba4d
  unf (0.1.4) sha256=4999517a531f2a955750f8831941891f6158498ec9b6cb1c81ce89388e63022e
  unf_ext (0.0.7.7) sha256=e4e9b1f0c48467fa271d53b180f4ace4c0ff88f01a69ae3da2c30038443e8471
  unicode-display_width (3.1.2) sha256=fdd4db6cf898201e341b21106663866dbd2a64d665c1a0a2fe8af09c6ef495d1
  unicode-emoji (4.0.4) sha256=2c2c4ef7f353e5809497126285a50b23056cc6e61b64433764a35eff6c36532a
  uri (0.13.1) sha256=df2d8b13e3e8c8a43432637e2ace4f9de7b42674361b4dd26302b40f7d7fcd1e
  wait_for_it (0.2.1) sha256=4693f1ba31a0691851fb43bcedba51a6f749a8a64b088972d91e91d11d471b25
  warning (1.5.0) sha256=0f12c49fea0c06757778eefdcc7771e4fd99308901e3d55c504d87afdd718c53
  webmock (3.24.0) sha256=be01357f6fc773606337ca79f3ba332b7d52cbe5c27587671abc0572dbec7122
  zeitwerk (2.6.13) sha256=2db861b021d020f48b5bf51613f355fcd041bf0a27ad8c748fa88fa974c5c7d4

RUBY VERSION
   ruby 3.4.1p0

BUNDLED WITH
   2.6.2
