GIT
  remote: https://github.com/rkh/tool.git
  revision: 9a84fc6a60ecdf51cf17e90ae1331b4550d5d677
  specs:
    tool (0.2.3)

GEM
  remote: https://rubygems.org/
  specs:
    activesupport (5.2.1)
      concurrent-ruby (~> 1.0, >= 1.0.2)
      i18n (>= 0.7, < 2)
      minitest (~> 5.1)
      tzinfo (~> 1.1)
    addressable (2.3.8)
    backports (3.11.3)
    coderay (1.1.2)
    commonmarker (0.16.0)
      ruby-enum (~> 0.5)
    concurrent-ruby (1.1.2)
    domain_name (0.5.20180417)
      unf (>= 0.0.5, < 1.0.0)
    faraday (0.9.1)
      multipart-post (>= 1.2, < 3)
    foreman (0.85.0)
      thor (~> 0.19.1)
    github-markup (2.0.1)
    haml (5.0.4)
      temple (>= 0.8.0)
      tilt
    html-pipeline (2.4.2)
      activesupport (>= 2)
      nokogiri (>= 1.4)
    http-cookie (1.0.3)
      domain_name (~> 0.5)
    i18n (1.1.1)
      concurrent-ruby (~> 1.0)
    method_source (0.9.2)
    mime-types (3.2.2)
      mime-types-data (~> 3.2015)
    mime-types-data (3.2018.0812)
    mini_portile2 (2.3.0)
    minitest (5.11.3)
    multi_json (1.13.1)
    multipart-post (2.0.0)
    mustermann (1.0.3)
    netrc (0.11.0)
    nokogiri (1.8.5)
      mini_portile2 (~> 2.3.0)
    octokit (4.1.1)
      sawyer (~> 0.6.0, >= 0.5.3)
    pg (1.1.3)
    pry (0.12.2)
      coderay (~> 1.1.0)
      method_source (~> 0.9.0)
    puma (3.12.0)
    rack (2.0.6)
    rack-flash3 (1.0.5)
      rack
    rack-protection (2.0.3)
      rack
    rack-ssl (1.4.1)
      rack
    rack-test (0.6.3)
      rack (>= 1.0)
    racksh (1.0.0)
      rack (>= 1.0)
      rack-test (>= 0.5)
    rake (10.4.2)
    rest-client (2.0.2)
      http-cookie (>= 1.0.2, < 2.0)
      mime-types (>= 1.16, < 4.0)
      netrc (~> 0.8)
    ruby-enum (0.7.2)
      i18n
    sawyer (0.6.0)
      addressable (~> 2.3.5)
      faraday (~> 0.8, < 0.10)
    sentry-raven (2.4.0)
      faraday (>= 0.7.6, < 1.0)
    sequel (5.6.0)
    sequel_pg (1.11.0)
      pg (>= 0.18.0)
      sequel (>= 4.38.0)
    sinatra (2.0.3)
      mustermann (~> 1.0)
      rack (~> 2.0)
      rack-protection (= 2.0.3)
      tilt (~> 2.0)
    sinatra-contrib (2.0.3)
      activesupport (>= 4.0.0)
      backports (>= 2.8.2)
      multi_json
      mustermann (~> 1.0)
      rack-protection (= 2.0.3)
      sinatra (= 2.0.3)
      tilt (>= 1.3, < 3)
    temple (0.8.0)
    thor (0.19.4)
    thread_safe (0.3.6)
    tilt (2.0.8)
    tzinfo (1.2.5)
      thread_safe (~> 0.1)
    unf (0.1.4)
      unf_ext
    unf_ext (0.0.7.5)

PLATFORMS
  ruby

DEPENDENCIES
  addressable
  commonmarker
  foreman
  github-markup
  haml
  html-pipeline
  minitest
  octokit
  pg
  pry
  puma
  rack-flash3
  rack-ssl
  rack-test
  racksh
  rake
  rest-client
  sentry-raven
  sequel
  sequel_pg
  sinatra
  sinatra-contrib
  tool!

RUBY VERSION
   ruby 2.5.3p105

BUNDLED WITH
   1.17.3
