GEM
  remote: http://rubygems.org/
  specs:
    daemons (1.1.9)
    eventmachine (1.0.0)
    foreman (0.61.0)
      thor (>= 0.13.6)
    haml (4.0.0)
      tilt
    pg (0.14.1)
    rack (1.5.2)
    rack-protection (1.3.2)
      rack
    sequel (3.44.0)
    sinatra (1.3.4)
      rack (~> 1.4)
      rack-protection (~> 1.3)
      tilt (~> 1.3, >= 1.3.3)
    thin (1.5.0)
      daemons (>= 1.0.9)
      eventmachine (>= 0.12.6)
      rack (>= 1.0.0)
    thor (0.17.0)
    tilt (1.3.3)

PLATFORMS
  ruby

DEPENDENCIES
  foreman
  haml
  pg
  sequel
  sinatra
  thin
