GEM
  remote: https://rubygems.org/
  specs:
    addressable (2.8.6)
      public_suffix (>= 2.0.2, < 6.0)
    ast (2.4.2)
    base64 (0.2.0)
    bigdecimal (3.1.6)
    climate_control (1.2.0)
    commonmarker (0.23.10)
    concurrent-ruby (1.2.3)
    crack (1.0.0)
      bigdecimal
      rexml
    domain_name (0.5.20190701)
      unf (>= 0.0.5, < 1.0.0)
    dyno_metadata (0.0.4)
    faraday (2.9.0)
      faraday-net_http (>= 2.0, < 3.2)
    faraday-net_http (3.1.0)
      net-http
    faraday-retry (2.2.0)
      faraday (~> 2.0)
    github-markup (4.0.2)
    haml (6.3.0)
      temple (>= 0.8.2)
      thor
      tilt
    hashdiff (1.1.0)
    html-pipeline (3.0.3)
      selma (~> 0.1)
      zeitwerk (~> 2.5)
    http-accept (1.7.0)
    http-cookie (1.0.3)
      domain_name (~> 0.5)
    json (2.7.1)
    language_server-protocol (3.17.0.3)
    localhost (1.2.0)
    m (1.6.2)
      method_source (>= 0.6.7)
      rake (>= 0.9.2.2)
    method_source (1.0.0)
    mime-types (3.3.1)
      mime-types-data (~> 3.2015)
    mime-types-data (3.2020.1104)
    minitest (5.22.2)
    multi_json (1.15.0)
    mustermann (3.0.0)
      ruby2_keywords (~> 0.0.1)
    net-http (0.4.1)
      uri
    netrc (0.11.0)
    nio4r (2.7.0)
    octokit (8.1.0)
      base64
      faraday (>= 1, < 3)
      sawyer (~> 0.9)
    overman (0.87.3)
    parallel (1.24.0)
    parser (3.3.0.5)
      ast (~> 2.4.1)
      racc
    pg (1.5.5)
    public_suffix (5.0.4)
    puma (6.4.2)
      nio4r (~> 2.0)
    racc (1.7.3)
    rack (3.0.9.1)
    rack-flash3 (1.0.5)
      rack
    rack-protection (4.0.0)
      base64 (>= 0.1.0)
      rack (>= 3.0.0, < 4)
    rack-session (2.0.0)
      rack (>= 3.0.0)
    rack-test (2.1.0)
      rack (>= 1.3)
    racksh (1.0.1)
      rack (>= 1.0)
      rack-test (>= 0.5)
    rainbow (3.1.1)
    rake (13.1.0)
    rb_sys (0.9.88)
    regexp_parser (2.9.0)
    rest-client (2.1.0)
      http-accept (>= 1.7.0, < 2.0)
      http-cookie (>= 1.0.2, < 2.0)
      mime-types (>= 1.16, < 4.0)
      netrc (~> 0.8)
    rexml (3.2.6)
    rubocop (1.60.2)
      json (~> 2.3)
      language_server-protocol (>= 3.17.0)
      parallel (~> 1.10)
      parser (>= 3.3.0.2)
      rainbow (>= 2.2.2, < 4.0)
      regexp_parser (>= 1.8, < 3.0)
      rexml (>= 3.2.5, < 4.0)
      rubocop-ast (>= 1.30.0, < 2.0)
      ruby-progressbar (~> 1.7)
      unicode-display_width (>= 2.4.0, < 3.0)
    rubocop-ast (1.30.0)
      parser (>= 3.2.1.0)
    ruby-progressbar (1.13.0)
    ruby2_keywords (0.0.5)
    sawyer (0.9.2)
      addressable (>= 2.3.5)
      faraday (>= 0.17.3, < 3)
    selma (0.2.2)
      rb_sys (~> 0.9)
    selma (0.2.2-arm64-darwin)
    selma (0.2.2-x86_64-linux)
    sentry-ruby (5.16.1)
      concurrent-ruby (~> 1.0, >= 1.0.2)
    sequel (5.77.0)
      bigdecimal
    sequel_pg (1.17.1)
      pg (>= 0.18.0, != 1.2.0)
      sequel (>= 4.38.0)
    sinatra (4.0.0)
      mustermann (~> 3.0)
      rack (>= 3.0.0, < 4)
      rack-protection (= 4.0.0)
      rack-session (>= 2.0.0, < 3)
      tilt (~> 2.0)
    sinatra-contrib (4.0.0)
      multi_json (>= 0.0.2)
      mustermann (~> 3.0)
      rack-protection (= 4.0.0)
      sinatra (= 4.0.0)
      tilt (~> 2.0)
    spinels-rack-ssl-enforcer (0.3.0)
    temple (0.10.3)
    thor (1.3.0)
    tilt (2.3.0)
    unf (0.1.4)
      unf_ext
    unf_ext (0.0.7.7)
    unicode-display_width (2.5.0)
    uri (0.13.0)
    wait_for_it (0.2.1)
    warning (1.3.0)
    webmock (3.23.0)
      addressable (>= 2.8.0)
      crack (>= 0.3.2)
      hashdiff (>= 0.4.0, < 2.0.0)
    zeitwerk (2.6.13)

PLATFORMS
  arm64-darwin
  ruby
  x86_64-linux

DEPENDENCIES
  addressable
  climate_control
  commonmarker
  dyno_metadata
  faraday-retry
  github-markup
  haml
  html-pipeline
  localhost
  m
  minitest
  octokit
  overman
  pg
  puma
  rack-flash3
  rack-test
  racksh
  rake
  rest-client
  rubocop (~> 1.60.2)
  sentry-ruby
  sequel
  sequel_pg
  sinatra
  sinatra-contrib
  spinels-rack-ssl-enforcer
  wait_for_it
  warning
  webmock

RUBY VERSION
   ruby 3.2.3p157

BUNDLED WITH
   2.5.6
